GEM
  remote: http://ruby.taobao.org/
  specs:
    activemodel (3.2.14)
      activesupport (= 3.2.14)
      builder (~> 3.0.0)
    activesupport (3.2.14)
      i18n (~> 0.6, >= 0.6.4)
      multi_json (~> 1.0)
    backports (3.3.3)
    bson (1.9.1)
    bson_ext (1.9.0)
      bson (~> 1.9.0)
    builder (3.0.4)
    carrierwave (0.5.3)
      activesupport (~> 3.0)
    chinese_pinyin (0.5.0)
    daemons (1.1.9)
    descendants_tracker (0.0.1)
    eventmachine (1.0.3)
    grape (0.5.0)
      activesupport
      builder
      hashie (>= 1.2.0)
      multi_json (>= 1.3.2)
      multi_xml (>= 0.5.2)
      rack (>= 1.3.0)
      rack-accept
      rack-mount
      virtus
    hashie (2.0.5)
    hiredis (0.4.5)
    i18n (0.6.4)
    mini_magick (3.6.0)
      subexec (~> 0.2.1)
    mongo (1.9.1)
      bson (~> 1.9.1)
    mongoid (3.1.4)
      activemodel (~> 3.2)
      moped (~> 1.4)
      origin (~> 1.0)
      tzinfo (~> 0.3.22)
    moped (1.5.0)
    multi_json (1.7.7)
    multi_xml (0.5.4)
    origin (1.1.0)
    rack (1.5.2)
    rack-accept (0.4.5)
      rack (>= 0.4)
    rack-mount (0.8.3)
      rack (>= 1.0.0)
    redis (3.0.4)
    redis-namespace (1.3.0)
      redis (~> 3.0.0)
    redis-search (0.9.0)
      chinese_pinyin (>= 0.3.0)
      redis (>= 2.1.1)
      redis-namespace (>= 1.0.2)
    rmmseg-cpp-huacnlee (0.2.9)
    subexec (0.2.3)
    thin (1.5.1)
      daemons (>= 1.0.9)
      eventmachine (>= 0.12.6)
      rack (>= 1.0.0)
    tzinfo (0.3.37)
    virtus (0.5.5)
      backports (~> 3.3)
      descendants_tracker (~> 0.0.1)

PLATFORMS
  ruby

DEPENDENCIES
  bson_ext (~> 1.9.0)
  carrierwave (= 0.5.3)
  grape (~> 0.5.0)
  hiredis (~> 0.4.5)
  mini_magick (~> 3.6.0)
  mongo (~> 1.9.0)
  mongoid (~> 3.1.4)
  redis (~> 3.0.4)
  redis-search (~> 0.9.0)
  rmmseg-cpp-huacnlee (~> 0.2.9)
  thin (~> 1.5.1)
